GEM
  remote: https://rubygems.org/
  specs:
    activesupport (5.2.3)
      concurrent-ruby (~> 1.0, >= 1.0.2)
      i18n (>= 0.7, < 2)
      minitest (~> 5.1)
      tzinfo (~> 1.1)
    concurrent-ruby (1.1.5)
    eventmachine (1.2.7)
    http_parser.rb (0.6.0)
    i18n (1.6.0)
      concurrent-ruby (~> 1.0)
    just-the-docs (0.3.4)
      jekyll (~> 3.8)
      jekyll-remote-theme (~> 0.3)
      jekyll-toc (~> 0.13)
      kramdown (~> 1.17)
      rouge (~> 3.3)
    jekyll (3.8.7)
      activesupport (~> 5.1)
      jekyll-sass-converter (~> 1.0)
      jekyll-watch (~> 2.0)
      kramdown (~> 1.14)
      liquid (~> 4.0)
      mercenary (~> 0.3.6)
      pathutil (~> 0.9)
      rouge (~> 3.0)
      safe_yaml (~> 1.0)
      terminal-table (~> 1.4)
    jekyll-feed (0.12.1)
      jekyll (>= 3.7, < 5.0)
    jekyll-remote-theme (0.4.1)
      jekyll (>= 3.4)
      rubyzip (~> 1.1)
    jekyll-sass-converter (1.5.2)
      sass (~> 3.4)
    jekyll-toc (0.13.0)
      jekyll (>= 3.0)
    jekyll-watch (2.2.1)
      listen (~> 3.0)
    kramdown (1.17.0)
    liquid (4.0.3)
    listen (3.1.5)
      rb-fsevent (~> 0.10, >= 0.10.3)
      rb-inotify (~> 0.9, >= 0.9.10)
    mercenary (0.3.6)
    minitest (5.11.3)
    pathutil (0.9.2)
      forwardable-extended (~> 2.6)
    public_suffix (3.1.1)
    rb-fsevent (0.10.3)
    rb-inotify (0.10.0)
      ffi (~> 1.0)
    rouge (3.16.0)
    rubyzip (1.2.3)
    safe_yaml (1.0.5)
    sass (3.7.4)
    terminal-table (1.8.0)
      unicode-display_width (~> 1.1, >= 1.1.1)
    tzinfo (1.2.6)
      thread_safe (~> 0.1)

PLATFORMS
  ruby

DEPENDENCIES
  github-pages
  just-the-docs

BUNDLED WITH
   2.0.2
