GEM
  remote: https://rubygems.org/
  specs:
    bundler (2.3.5)
    listen (3.7.0)
      rb-fsevent (~> 0.10, >= 0.10.3)
      rb-inotify (~> 0.10, >= 0.10.3)
    mkdocs (1.2.2)
      Click (~> 7.0)
      Jinja2 (~> 2.11)
      Pygments (~> 2.7)
      PyYAML (~> 5.3)
      Markdown (~> 3.2)
      livereload (~> 2.6, >= 2.6.3)
      mkdocs-material (~> 7.1, >= 7.1.6)
      mkdocs-minify-plugin (~> 0.4, >= 0.4.2)
      mkdocs-print-site-plugin (~> 0.5, >= 0.5.1)
      pymdown-extensions (~> 8.1, >= 8.1.0)
      watchdog (~> 0.10, >= 0.10.2)
    mkdocs-material (7.1.7)
      mkdocs (~> 1.2, >= 1.2.2)
    mkdocs-minify-plugin (0.4.2)
      mkdocs (~> 1.2, >= 1.2.2)
      slimit (~> 0.8.1, >= 0.8.1)
      cssmin (~> 0.2.0, >= 0.2.0)
      htmlmin (~> 0.1.12, >= 0.1.12)
    mkdocs-print-site-plugin (0.5.1)
      mkdocs (~> 1.2, >= 1.2.2)
      WeasyPrint (~> 51.3)
    pymdown-extensions (8.2)
      Markdown (~> 3.2)
      beautifulsoup4 (~> 4.9)
      Pygments (~> 2.7)
      docutils (~> 0.17)
    rb-fsevent (0.11.0)
    rb-inotify (0.10.1)
      ffi (~> 1.0)
    slimit (0.8.1)
    watchdog (0.10.5)
      pathtools (>= 0.1.2)
    WeasyPrint (51.5)
      cairocffi (~> 1.0)
      cffi (~> 1.14.0)
      cssselect2 (~> 0.3)
      html5lib (~> 1.0)
      Pillow (~> 7.0)
      Pyphen (~> 0.10)
      tinycss2 (~> 1.0)

PLATFORMS
  ruby

DEPENDENCIES
  bundler (~> 2.3.5)
  mkdocs (~> 1.2.2)
  mkdocs-material (~> 7.1.7)
  mkdocs-minify-plugin (~> 0.4.2)
  mkdocs-print-site-plugin (~> 0.5.1)
  pymdown-extensions (~> 8.2)
  WeasyPrint (~> 51.5)
