GEM
  remote: https://rubygems.org/
  specs:
    addressable (2.8.0)
      public_suffix (>= 2.0.2, < 5.0)
    colorator (1.1.0)
    concurrent-ruby (1.1.9)
    em-websocket (0.5.3)
      eventmachine (>= 0.12.9)
    eventmachine (1.2.7)
    http_parser.rb (0.6.0)
    jekyll (4.2.0)
      addressable (~> 2.4)
      colorator (~> 1.0)
      em-websocket (~> 0.5)
      http_parser.rb (~> 0.6.0)
      i18n (>= 0.9.5, < 2)
      jekyll-sass-converter (>= 1.0.0, < 3.0)
      jekyll-watch (~> 2.0)
      kramdown (~> 2.0)
      kramdown-parser-gfm (~> 1.0)
      liquid (~> 4.0)
      mercenary (~> 0.3.6)
      pathutil (~> 0.9)
      rouge (~> 3.0)
      safe_yaml (~> 1.0)
      terminal-table (~> 1.8)
    jekyll-redirect-from (0.16.0)
      jekyll (~> 4.0)
    jekyll-seo-tag (2.7.1)
      jekyll (~> 4.0)
      kramdown (~> 2.0)
    jekyll-sitemap (1.4.0)
      jekyll (~> 3.3)
    kramdown (2.3.0)
    kramdown-parser-gfm (1.1.0)
      kramdown (~> 2.0)
      rouge (~> 3.0)
    liquid (4.0.3)
    listen (3.4.1)
      rb-fsevent (~> 0.10, >= 0.10.3)
      rb-inotify (~> 0.9, >= 0.9.10)
    mercenary (0.3.6)
    minima (2.5.1)
      jekyll (~> 4.0)
      jekyll-feed (~> 0.12)
    nokogiri (1.11.6)
      racc (~> 1.4)
    public_suffix (4.0.6)
    rb-fsevent (0.11.0)
    rb-inotify (0.10.1)
      ffi (~> 1.0)
    racc (1.6.0)
    rouge (3.26.0)
    safe_yaml (1.0.5)
    sassc (2.4.0)
      ffi (~> 1.9)
    terminal-table (1.8.0)
    yajl-ruby (1.4.1)

PLATFORMS
  ruby

DEPENDENCIES
  jekyll (~> 4.2.0)
  jekyll-redirect-from (~> 0.16.0)
  jekyll-seo-tag (~> 2.7.1)
  jekyll-sitemap (~> 1.4.0)
  minima (~> 2.5)
  sassc (~> 2.4.0)
  slate
